GEM
  remote: http://rubygems.org/
  specs:
    RedCloth (4.2.9)
    RedCloth (4.2.9-java)
    ZenTest (4.9.5)
    actionmailer (4.0.4)
      actionpack (= 4.0.4)
      mail (~> 2.5.4)
    actionpack (4.0.4)
      activesupport (= 4.0.4)
      builder (~> 3.1.0)
      erubis (~> 2.7.0)
      rack (~> 1.5.2)
      rack-test (~> 0.6.2)
    activemodel (4.0.4)
      activesupport (= 4.0.4)
      builder (~> 3.1.0)
    activerecord (4.0.4)
      activemodel (= 4.0.4)
      activerecord-deprecated_finders (~> 1.0.2)
      activesupport (= 4.0.4)
      arel (~> 4.0.0)
    activerecord-deprecated_finders (1.0.3)
    activesupport (4.0.4)
      i18n (~> 0.6, >= 0.6.9)
      minitest (~> 4.2)
      multi_json (~> 1.3)
      thread_safe (~> 0.1)
      tzinfo (~> 0.3.37)
    acts_as_list (0.4.0)
      activerecord (>= 3.0)
    arel (4.0.2)
    atomic (1.1.16)
    atomic (1.1.16-java)
    authlogic (3.4.0)
      activerecord (>= 3.2)
      activesupport (>= 3.2)
      request_store (~> 1.0.5)
    autotest-rails (4.2.1)
      ZenTest (~> 4.5)
    aws-s3 (0.6.3)
      builder
      mime-types
      xml-simple
    aws-sdk (1.36.1)
      json (~> 1.4)
      nokogiri (>= 1.4.4)
      uuidtools (~> 2.1)
    builder (3.1.4)
    ccls-common_lib (4.0.0)
    chronic (0.10.2)
    climate_control (0.0.3)
      activesupport (>= 3.0)
    cocaine (0.5.3)
      climate_control (>= 0.0.3, < 1.0)
    docile (1.1.3)
    erubis (2.7.0)
    factory_girl (4.4.0)
      activesupport (>= 3.0.0)
    factory_girl_rails (4.4.1)
      factory_girl (~> 4.4.0)
      railties (>= 3.0.0)
    hike (1.2.3)
    hpricot (0.8.6)
    hpricot (0.8.6-java)
    i18n (0.6.9)
    jakewendt-html_test (4.0.0)
    jakewendt-test_with_verbosity (0.0.0)
    json (1.8.1)
    json (1.8.1-java)
    mail (2.5.4)
      mime-types (~> 1.16)
      treetop (~> 1.4.8)
    metaclass (0.0.4)
    mime-types (1.25.1)
    mini_portile (0.5.2)
    minitest (4.7.5)
    mocha (1.0.0)
      metaclass (~> 0.0.1)
    multi_json (1.9.0)
    mysql (2.9.1)
    mysql2 (0.3.15)
    nokogiri (1.6.1)
      mini_portile (~> 0.5.0)
    nokogiri (1.6.1-java)
      mini_portile (~> 0.5.0)
    paperclip (4.1.1)
      activemodel (>= 3.0.0)
      activesupport (>= 3.0.0)
      cocaine (~> 0.5.3)
      mime-types
    polyglot (0.3.4)
    protected_attributes (1.0.7)
      activemodel (>= 4.0.1, < 5.0)
    rack (1.5.2)
    rack-ssl (1.4.0)
      rack
    rack-test (0.6.2)
      rack (>= 1.0)
    rails (4.0.4)
      actionmailer (= 4.0.4)
      actionpack (= 4.0.4)
      activerecord (= 4.0.4)
      activesupport (= 4.0.4)
      bundler (>= 1.3.0, < 2.0)
      railties (= 4.0.4)
      sprockets-rails (~> 2.0.0)
    railties (4.0.4)
      actionpack (= 4.0.4)
      activesupport (= 4.0.4)
      rake (>= 0.8.7)
      thor (>= 0.18.1, < 2.0)
    rake (10.1.1)
    rdoc (4.1.1)
      json (~> 1.4)
    request_store (1.0.5)
    ruby-hmac (0.4.0)
    simplecov (0.8.2)
      docile (~> 1.1.0)
      multi_json
      simplecov-html (~> 0.8.0)
    simplecov-html (0.8.0)
    sprockets (2.12.0)
      hike (~> 1.2)
      multi_json (~> 1.0)
      rack (~> 1.0)
      tilt (~> 1.1, != 1.3.0)
    sprockets-rails (2.0.1)
      actionpack (>= 3.0)
      activesupport (>= 3.0)
      sprockets (~> 2.8)
    sqlite3 (1.3.9)
    test-unit (2.5.5)
    thor (0.18.1)
    thread_safe (0.3.0)
      atomic (>= 1.1.7, < 2)
    tilt (1.4.1)
    tinymce-rails (4.0.19)
      railties (>= 3.1.1)
    treetop (1.4.15)
      polyglot
      polyglot (>= 0.3.1)
    tzinfo (0.3.39)
    uuidtools (2.1.4)
    will_paginate (3.0.5)
    xml-simple (1.1.3)

PLATFORMS
  java
  ruby

DEPENDENCIES
  RedCloth
  ZenTest
  acts_as_list
  arel
  authlogic
  autotest-rails
  aws-s3
  aws-sdk
  ccls-common_lib (> 0.9)
  chronic
  factory_girl_rails
  hpricot
  jakewendt-html_test
  jakewendt-test_with_verbosity
  minitest
  mocha
  mysql
  mysql2
  paperclip
  protected_attributes
  rack-ssl
  rails (~> 4.0)
  rdoc
  ruby-hmac
  simplecov
  sqlite3
  test-unit
  tinymce-rails
  will_paginate
