GEM
  remote: http://rubygems.org/
  remote: http://gems.rubyforge.org/
  remote: http://gemcutter.org/
  remote: http://gems.github.com/
  specs:
    RedCloth (4.2.7)
    RedCloth (4.2.7-java)
    ZenTest (4.5.0)
    actionmailer (2.3.14)
      actionpack (= 2.3.14)
    actionpack (2.3.14)
      activesupport (= 2.3.14)
      rack (~> 1.1.0)
    activerecord (2.3.14)
      activesupport (= 2.3.14)
    activerecord-jdbc-adapter (1.2.2)
    activerecord-jdbcmysql-adapter (1.2.2)
      activerecord-jdbc-adapter (~> 1.2.2)
      jdbc-mysql (~> 5.1.0)
    activerecord-jdbcsqlite3-adapter (1.2.2)
      activerecord-jdbc-adapter (~> 1.2.2)
      jdbc-sqlite3 (~> 3.7.2)
    activeresource (2.3.14)
      activesupport (= 2.3.14)
    activesupport (2.3.14)
    arel (2.0.2)
    authlogic (2.1.6)
      activesupport
    autotest-rails (4.1.2)
      ZenTest (~> 4.5)
    aws-s3 (0.6.2)
      builder
      mime-types
      xml-simple
    bouncy-castle-java (1.5.0146.1)
    builder (3.0.0)
    ccls-html_test (0.3.0)
    chronic (0.6.6)
    cocaine (0.2.1)
    escape (0.0.4)
    fastercsv (1.5.4)
    haml (3.1.4)
    hpricot (0.8.6)
    hpricot (0.8.6-java)
    i18n (0.6.0)
    jdbc-mysql (5.1.13)
    jdbc-sqlite3 (3.7.2)
    jrails (0.6.0)
    jruby-jars (1.6.5)
    jruby-openssl (0.7.6.1)
      bouncy-castle-java (>= 1.5.0146.1)
    jruby-rack (1.0.10)
    metaclass (0.0.1)
    mime-types (1.18)
    mocha (0.10.5)
      metaclass (~> 0.0.1)
    nokogiri (1.5.2)
    nokogiri (1.5.2-java)
    paperclip (2.4.2)
      activerecord (>= 2.3.0)
      activesupport (>= 2.3.2)
      cocaine (>= 0.0.2)
      mime-types
    pr_geohash (1.0.0)
    rack (1.1.2)
    rails (2.3.14)
      actionmailer (= 2.3.14)
      actionpack (= 2.3.14)
      activerecord (= 2.3.14)
      activeresource (= 2.3.14)
      activesupport (= 2.3.14)
      rake (>= 0.8.3)
    rake (0.8.7)
    rdoc (2.5.11)
    rsolr (0.12.1)
      builder (>= 2.1.2)
    ruby-hmac (0.4.0)
    rubyzip (0.9.7)
    ryanb-acts-as-list (0.1.2)
    ssl_requirement (0.1.0)
    sunspot (1.2.1)
      escape (= 0.0.4)
      pr_geohash (~> 1.0)
      rsolr (= 0.12.1)
    sunspot_rails (1.2.1)
      nokogiri
      sunspot (= 1.2.1)
    thoughtbot-factory_girl (1.2.2)
    warbler (1.3.2)
      jruby-jars (>= 1.4.0)
      jruby-rack (>= 1.0.0)
      rake (>= 0.8.7)
      rubyzip (>= 0.9.4)
    will_paginate (2.3.16)
    xml-simple (1.1.1)

PLATFORMS
  java
  ruby

DEPENDENCIES
  RedCloth (< 4.2.8)
  ZenTest (~> 4.5.0)
  activerecord-jdbcmysql-adapter
  activerecord-jdbcsqlite3-adapter
  arel (= 2.0.2)
  authlogic (~> 2)
  autotest-rails
  aws-s3
  ccls-html_test
  chronic (<= 0.6.6)
  fastercsv
  haml
  hpricot
  i18n
  jdbc-mysql
  jdbc-sqlite3
  jrails
  jruby-jars (= 1.6.5)
  jruby-openssl
  jruby-rack (= 1.0.10)
  mocha
  paperclip (= 2.4.2)
  rack (= 1.1.2)
  rails (~> 2)
  rake (= 0.8.7)
  rdoc (~> 2)
  rsolr (= 0.12.1)
  ruby-hmac
  ryanb-acts-as-list
  ssl_requirement
  sunspot (= 1.2.1)
  sunspot_rails (= 1.2.1)
  thoughtbot-factory_girl
  warbler (= 1.3.2)
  will_paginate (~> 2)
